GEM
  remote: https://rubygems.org/
  specs:
    rack (1.6.0)
    rake (10.4.2)

PLATFORMS
  ruby

DEPENDENCIES
  rack
  rake
